GEM
  remote: http://rubygems.org/
  specs:
    faraday (0.12.1)
      multipart-post (>= 1.2, < 3)
    hashie (3.5.5)
    httparty (0.15.3)
      multi_xml (>= 0.5.2)
    json (2.1.0)
    multi_xml (0.6.0)
    multipart-post (2.0.0)
    mustermann (1.0.0)
    rack (2.0.3)
    rack-protection (2.0.0)
      rack
    sinatra (2.0.0)
      mustermann (~> 1.0)
      rack (~> 2.0)
      rack-protection (= 2.0.0)
      tilt (~> 2.0)
    tilt (2.0.7)
    wordsmith-ruby-sdk (1.0.5)
      faraday (~> 0.9)
      hashie (~> 3.4)

PLATFORMS
  ruby

DEPENDENCIES
  httparty
  json
  sinatra
  wordsmith-ruby-sdk

BUNDLED WITH
   1.13.6
